FRAMEWORK: NET45
NUGET
  remote: https://www.nuget.org/api/v2
    FAKE (4.57)
    FSharp.Core (4.1.0.2)
      System.ValueTuple (>= 4.3)
    Octokit (0.24)
    System.ValueTuple (4.3)
GITHUB
  remote: fsprojects/FSharp.TypeProviders.StarterPack
    src/ProvidedTypes.fs (45f4d8780b3213ef61ba4fccc716cd495565c1a4)
  remote: fsharp/FAKE
    modules/Octokit/Octokit.fsx (566327f653a1e76b39dc99c84598eb6e4973b872)
      Octokit (>= 0.20)